PATH
  remote: .
  specs:
    sisow (1.6)
      crack
      hashie
      httpi

GEM
  remote: http://rubygems.org/
  specs:
    crack (0.4.3)
      safe_yaml (~> 1.0.0)
    diff-lcs (1.1.3)
    fakeweb (1.3.0)
    hashie (3.4.6)
    httpi (2.4.2)
      rack
      socksify
    multi_json (1.3.5)
    rack (2.0.1)
    rake (0.9.2.2)
    rspec (2.10.0)
      rspec-core (~> 2.10.0)
      rspec-expectations (~> 2.10.0)
      rspec-mocks (~> 2.10.0)
    rspec-core (2.10.0)
    rspec-expectations (2.10.0)
      diff-lcs (~> 1.1.3)
    rspec-mocks (2.10.1)
    safe_yaml (1.0.4)
    simplecov (0.6.4)
      multi_json (~> 1.0)
      simplecov-html (~> 0.5.3)
    simplecov-html (0.5.3)
    simplecov-rcov (0.2.3)
      simplecov (>= 0.4.1)
    socksify (1.7.0)
    vcr (2.1.1)

PLATFORMS
  ruby

DEPENDENCIES
  fakeweb
  rake
  rspec
  simplecov
  simplecov-rcov
  sisow!
  vcr

BUNDLED WITH
   1.13.1
